GEM
  remote: https://rubygems.org/
  specs:
    bourbon (4.0.2)
      sass (~> 3.3)
      thor
    ffi (1.9.10)
    neat (1.7.0.pre)
      bourbon (>= 4.0)
      sass (>= 3.3)
    rb-fchange (0.0.6)
      ffi
    rb-fsevent (0.9.7)
    rb-inotify (0.9.7)
      ffi (>= 0.5.0)
    sass (3.4.22)
    sass-globbing (1.1.0)
      sass (>= 3.1)
    thor (0.19.1)

PLATFORMS
  ruby

DEPENDENCIES
  bourbon (= 4.0.2)
  neat (= 1.7.0.pre)
  rb-fchange
  rb-fsevent
  rb-inotify (~> 0.9)
  sass (= 3.4.22)
  sass-globbing (= 1.1.0)

BUNDLED WITH
   1.11.2
